GEM
  remote: https://rubygems.org/
  specs:
    faker (1.6.1)
      i18n (~> 0.5)
    i18n (0.7.0)
    sqlite3 (1.3.11)

PLATFORMS
  ruby

DEPENDENCIES
  faker
  sqlite3

BUNDLED WITH
   1.10.6
